PATH
  remote: .
  specs:
    ocean_package (0.1.0)

GEM
  remote: https://rubygems.org/
  specs:
    claide (1.0.3)
    minitest (5.14.1)
    rake (10.5.0)

PLATFORMS
  ruby

DEPENDENCIES
  bundler (~> 2.1.4)
  claide (~> 1.0, >= 1.0.3)
  minitest (~> 5.0)
  ocean_package!
  rake (~> 10.0)

BUNDLED WITH
   2.1.4
