PATH
  remote: .
  specs:
    ocean_package (0.5.0)

GEM
  remote: https://rubygems.org/
  specs:
    CFPropertyList (2.3.6)
    claide (1.0.3)
    concurrent-ruby (1.1.6)
    dingbot (0.2.3)
      httparty
    httparty (0.18.1)
      mime-types (~> 3.0)
      multi_xml (>= 0.5.2)
    mime-types (3.3.1)
      mime-types-data (~> 3.2015)
    mime-types-data (3.2020.0512)
    minitest (5.11.3)
    multi_xml (0.6.0)
    rake (10.5.0)
    semantic_logger (4.7.1)
      concurrent-ruby (~> 1.0)

PLATFORMS
  ruby

DEPENDENCIES
  CFPropertyList
  bundler (~> 1.17.2)
  claide (~> 1.0, >= 1.0.3)
  dingbot
  minitest (~> 5.0)
  ocean_package!
  rake (~> 10.0)
  semantic_logger

BUNDLED WITH
   1.17.2
